NUGET
  remote: https://www.nuget.org/api/v2
  specs:
    FAKE (3.28.8)
    FSharp.Compiler.Service (0.0.87)
    FSharp.Formatting (2.9.2)
      FSharp.Compiler.Service (0.0.87)
      FSharpVSPowerTools.Core (1.8.0)
    FSharpVSPowerTools.Core (1.8.0)
      FSharp.Compiler.Service (>= 0.0.87)
    NuGet.CommandLine (2.8.5)
    NUnit (2.6.4)
    NUnit.Runners (2.6.4)
    SourceLink.Fake (0.5.0)
    xunit (2.0.0)
      xunit.assert (2.0.0)
      xunit.core (2.0.0)
    xunit.abstractions (2.0.0)
    xunit.assert (2.0.0)
    xunit.core (2.0.0)
      xunit.extensibility.core (2.0.0)
    xunit.extensibility.core (2.0.0)
      xunit.abstractions (2.0.0)
    xunit.extensibility.execution (2.0.0)
      xunit.extensibility.core (2.0.0)
    xunit.runner.visualstudio (2.0.0)
    xunit.runners (2.0.0)
