NUGET
  remote: https://www.nuget.org/api/v2
  specs:
    FAKE (4.3.4)
    FSharp.Compiler.Service (1.4.0.1)
    FSharp.Formatting (2.10.0)
      FSharp.Compiler.Service (>= 0.0.87)
      FSharpVSPowerTools.Core (1.8.0)
    FSharpVSPowerTools.Core (1.8.0)
      FSharp.Compiler.Service (>= 0.0.87)
    NuGet.CommandLine (2.8.6)
    NUnit (2.6.4)
    NUnit.Runners (2.6.4)
    SourceLink.Fake (1.1.0)
    System.Collections (4.0.10)
      System.Diagnostics.Debug (>= 4.0.0)
      System.Resources.ResourceManager (>= 4.0.0)
      System.Runtime (>= 4.0.0)
      System.Runtime (>= 4.0.20)
      System.Runtime.Extensions (>= 4.0.0)
      System.Threading (>= 4.0.0)
    System.Diagnostics.Contracts (4.0.0) - framework: dnxcore50
      System.Runtime (>= 4.0.0)
    System.Diagnostics.Debug (4.0.10)
      System.Runtime (>= 4.0.0)
    System.Globalization (4.0.10)
      System.Runtime (>= 4.0.0)
    System.IO (4.0.10)
      System.Globalization (>= 4.0.0)
      System.Runtime (>= 4.0.20)
      System.Text.Encoding (>= 4.0.0)
      System.Text.Encoding (>= 4.0.10)
      System.Text.Encoding.Extensions (>= 4.0.0)
      System.Threading (>= 4.0.0)
      System.Threading.Tasks (>= 4.0.0)
    System.Linq (4.0.0)
      System.Collections (>= 4.0.10)
      System.Diagnostics.Debug (>= 4.0.10)
      System.Resources.ResourceManager (>= 4.0.0)
      System.Runtime (>= 4.0.20)
      System.Runtime.Extensions (>= 4.0.10)
    System.Linq.Expressions (4.0.10)
      System.Collections (>= 4.0.0)
      System.Diagnostics.Debug (>= 4.0.0)
      System.Globalization (>= 4.0.0)
      System.IO (>= 4.0.0)
      System.Linq (>= 4.0.0)
      System.ObjectModel (>= 4.0.0)
      System.Reflection (>= 4.0.0)
      System.Reflection.Emit (>= 4.0.0)
      System.Reflection.Extensions (>= 4.0.0)
      System.Reflection.Primitives (>= 4.0.0)
      System.Reflection.TypeExtensions (>= 4.0.0)
      System.Resources.ResourceManager (>= 4.0.0)
      System.Runtime (>= 4.0.0)
      System.Runtime (>= 4.0.20)
      System.Runtime.Extensions (>= 4.0.0)
      System.Threading (>= 4.0.0)
    System.ObjectModel (4.0.10)
      System.Collections (>= 4.0.10)
      System.Diagnostics.Debug (>= 4.0.10)
      System.Resources.ResourceManager (>= 4.0.0)
      System.Runtime (>= 4.0.20)
      System.Threading (>= 4.0.10)
    System.Private.Uri (4.0.0) - framework: dnxcore50
    System.Reflection (4.0.10)
      System.IO (>= 4.0.0)
      System.Reflection.Primitives (>= 4.0.0)
      System.Runtime (>= 4.0.20)
    System.Reflection.Emit (4.0.0) - framework: dnxcore50
      System.IO (>= 4.0.0)
      System.Reflection (>= 4.0.0)
      System.Reflection.Emit.ILGeneration (>= 4.0.0)
      System.Reflection.Primitives (>= 4.0.0)
      System.Runtime (>= 4.0.0)
    System.Reflection.Emit.ILGeneration (4.0.0)
      System.Reflection (>= 4.0.0)
      System.Reflection.Primitives (>= 4.0.0)
      System.Runtime (>= 4.0.0)
    System.Reflection.Extensions (4.0.0)
      System.Diagnostics.Debug (>= 4.0.10)
      System.Reflection (>= 4.0.0)
      System.Reflection (>= 4.0.10)
      System.Reflection.Primitives (>= 4.0.0)
      System.Reflection.TypeExtensions (>= 4.0.0)
      System.Resources.ResourceManager (>= 4.0.0)
      System.Runtime (>= 4.0.0)
      System.Runtime (>= 4.0.20)
      System.Runtime.Extensions (>= 4.0.10)
    System.Reflection.Primitives (4.0.0) - framework: dnxcore50
      System.Runtime (>= 4.0.0)
      System.Threading (>= 4.0.0)
    System.Reflection.TypeExtensions (4.0.0) - framework: dnxcore50
      System.Diagnostics.Contracts (>= 4.0.0)
      System.Diagnostics.Debug (>= 4.0.10)
      System.Linq (>= 4.0.0)
      System.Reflection (>= 4.0.0)
      System.Reflection (>= 4.0.10)
      System.Reflection.Primitives (>= 4.0.0)
      System.Resources.ResourceManager (>= 4.0.0)
      System.Runtime (>= 4.0.0)
      System.Runtime (>= 4.0.20)
      System.Runtime.Extensions (>= 4.0.10)
    System.Resources.ResourceManager (4.0.0) - framework: dnxcore50
      System.Globalization (>= 4.0.0)
      System.Reflection (>= 4.0.0)
      System.Reflection (>= 4.0.10)
      System.Runtime (>= 4.0.0)
      System.Runtime (>= 4.0.20)
    System.Runtime (4.0.20) - framework: dnxcore50
      System.Private.Uri (>= 4.0.0)
    System.Runtime.Extensions (4.0.10)
      System.Runtime (>= 4.0.20)
    System.Text.Encoding (4.0.10)
      System.Runtime (>= 4.0.0)
    System.Text.Encoding.Extensions (4.0.10) - framework: dnxcore50
      System.Runtime (>= 4.0.0)
      System.Text.Encoding (>= 4.0.10)
    System.Text.RegularExpressions (4.0.10)
      System.Collections (>= 4.0.10)
      System.Globalization (>= 4.0.10)
      System.Resources.ResourceManager (>= 4.0.0)
      System.Runtime (>= 4.0.20)
      System.Runtime.Extensions (>= 4.0.10)
      System.Threading (>= 4.0.10)
    System.Threading (4.0.10)
      System.Runtime (>= 4.0.0)
      System.Threading.Tasks (>= 4.0.0)
    System.Threading.Tasks (4.0.10)
      System.Runtime (>= 4.0.0)
    xunit (2.1.0)
      xunit.assert (2.1.0)
      xunit.core (2.1.0)
    xunit.abstractions (2.0.0)
    xunit.assert (2.1.0)
      System.Collections (>= 4.0.0)
      System.Diagnostics.Debug (>= 4.0.0)
      System.Globalization (>= 4.0.0)
      System.Linq (>= 4.0.0)
      System.ObjectModel (>= 4.0.0)
      System.Reflection (>= 4.0.0)
      System.Reflection.Extensions (>= 4.0.0)
      System.Runtime (>= 4.0.0)
      System.Runtime.Extensions (>= 4.0.0)
      System.Text.RegularExpressions (>= 4.0.0)
      System.Threading.Tasks (>= 4.0.0)
    xunit.core (2.1.0)
      System.Collections (>= 4.0.0)
      System.Diagnostics.Debug (>= 4.0.0)
      System.Globalization (>= 4.0.0)
      System.Linq (>= 4.0.0)
      System.Reflection (>= 4.0.0)
      System.Reflection.Extensions (>= 4.0.0)
      System.Runtime (>= 4.0.0)
      System.Runtime.Extensions (>= 4.0.0)
      System.Threading.Tasks (>= 4.0.0)
      xunit.abstractions (>= 2.0.0)
      xunit.extensibility.core (2.1.0)
      xunit.extensibility.execution (2.1.0)
    xunit.extensibility.core (2.1.0)
      xunit.abstractions (2.0.0)
    xunit.extensibility.execution (2.1.0)
      System.Collections (>= 4.0.0)
      System.Diagnostics.Debug (>= 4.0.0)
      System.Globalization (>= 4.0.0)
      System.IO (>= 4.0.0)
      System.Linq (>= 4.0.0)
      System.Linq.Expressions (>= 4.0.0)
      System.Reflection (>= 4.0.0)
      System.Reflection.Extensions (>= 4.0.0)
      System.Runtime (>= 4.0.0)
      System.Runtime.Extensions (>= 4.0.0)
      System.Text.Encoding (>= 4.0.0)
      System.Threading (>= 4.0.0)
      System.Threading.Tasks (>= 4.0.0)
      xunit.abstractions (>= 2.0.0)
      xunit.extensibility.core (2.1.0)
    xunit.runner.console (2.1.0)
    xunit.runner.visualstudio (2.1.0) - version_in_path: true
