NUGET
  remote: https://www.nuget.org/api/v2
  specs:
    FAKE (3.28.8)
    FSharp.Compiler.Service (0.0.86)
    FSharp.Formatting (2.8.0)
      FSharp.Compiler.Service (>= 0.0.86)
      FSharpVSPowerTools.Core (>= 1.7.0)
    FSharpVSPowerTools.Core (1.7.0)
      FSharp.Compiler.Service (>= 0.0.81)
    NuGet.CommandLine (2.8.3)
    NUnit (2.6.4)
    NUnit.Runners (2.6.4)
    SourceLink.Fake (0.5.0)
    xunit (1.9.2)
    xunit.runner.visualstudio (2.0.0-rc3-build1046)
    xunit.runners (1.9.2)
