NUGET
  remote: https://www.nuget.org/api/v2
  specs:
    FAKE (3.35.5)
    FSharp.Compiler.Service (0.0.90)
    FSharp.Formatting (2.9.10)
      FSharp.Compiler.Service (>= 0.0.87)
      FSharpVSPowerTools.Core (1.8.0)
    FSharpVSPowerTools.Core (1.8.0)
      FSharp.Compiler.Service (>= 0.0.87)
    NuGet.CommandLine (2.8.5)
    NUnit (2.6.4)
    NUnit.Runners (2.6.4)
    SourceLink.Fake (1.0.0)
    xunit (2.1.0-beta3-build3029)
      xunit.assert (2.1.0-beta3-build3029)
      xunit.core (2.1.0-beta3-build3029)
    xunit.abstractions (2.0.0)
    xunit.assert (2.1.0-beta3-build3029)
    xunit.core (2.1.0-beta3-build3029)
      xunit.extensibility.core (2.1.0-beta3-build3029)
      xunit.extensibility.execution (2.1.0-beta3-build3029)
    xunit.extensibility.core (2.1.0-beta3-build3029)
      xunit.abstractions (2.0.0)
    xunit.extensibility.execution (2.1.0-beta3-build3029)
      xunit.extensibility.core (2.1.0-beta3-build3029)
    xunit.runner.console (2.1.0-beta3-build3029)
    xunit.runner.utility (2.1.0-beta3-build3029)
      xunit.abstractions (2.0.0)
    xunit.runner.visualstudio (2.1.0-beta3-build1069)
    xunit.runners (2.0.0)
