NUGET
  remote: https://www.nuget.org/api/v2
  specs:
    FAKE (3.14.9)
    FSharp.Compiler.Service (0.0.82)
    FSharp.Formatting (2.7.1)
      FSharp.Compiler.Service (>= 0.0.82)
      FSharpVSPowerTools.Core (>= 1.7.0)
    FSharpVSPowerTools.Core (1.7.0)
      FSharp.Compiler.Service (>= 0.0.81)
    NuGet.CommandLine (2.8.3)
    NUnit (2.6.4)
    NUnit.Runners (2.6.4)
    SourceLink.Fake (0.4.2)
    xunit (1.9.2)
    xunit.runner.visualstudio (0.99.8)
    xunit.runners (1.9.2)
